GEM
  remote: http://rubygems.org/
  specs:
    BlueCloth (1.0.1)
    RedCloth (4.2.3)
    aaronh-chronic (0.3.9)
    actionmailer (2.3.8)
      actionpack (= 2.3.8)
    actionpack (2.3.8)
      activesupport (= 2.3.8)
      rack (~> 1.1.0)
    activerecord (2.3.8)
      activesupport (= 2.3.8)
    activeresource (2.3.8)
      activesupport (= 2.3.8)
    activesupport (2.3.8)
    acts_as_list (0.1.2)
    awesome_print (0.3.2)
    bluecloth (2.1.0)
    columnize (0.3.2)
    geoip (1.0.0)
    gilenson (1.1.1)
    kgio (2.3.3)
    linecache (0.43)
    liquid (2.2.2)
    nokogiri (1.4.4)
    rack (1.1.2)
    rails (2.3.8)
      actionmailer (= 2.3.8)
      actionpack (= 2.3.8)
      activerecord (= 2.3.8)
      activeresource (= 2.3.8)
      activesupport (= 2.3.8)
      rake (>= 0.8.3)
    rake (0.8.7)
    rmagick (2.13.1)
    ru_propisju (1.1.0)
    ruby-debug (0.10.4)
      columnize (>= 0.1)
      ruby-debug-base (~> 0.10.4.0)
    ruby-debug-base (0.10.4)
      linecache (>= 0.3)
    russian (0.2.7)
    rutils (2.0.0)
      gilenson (>= 1.1.0)
      ru_propisju (>= 1.0.0)
      russian (>= 0.2.7)
    sanitize (2.0.1)
      nokogiri (~> 1.4.4)
    sqlite3-ruby (1.2.5)
    unicorn (3.6.0)
      kgio (~> 2.3)
      rack
    whenever (0.6.8)
      aaronh-chronic (>= 0.3.9)
      activesupport (>= 2.3.4)
    ya2yaml (0.30)

PLATFORMS
  ruby

DEPENDENCIES
  BlueCloth
  RedCloth (= 4.2.3)
  acts_as_list
  awesome_print
  bluecloth
  geoip
  liquid
  rails (= 2.3.8)
  rmagick
  ruby-debug
  rutils
  sanitize
  sqlite3-ruby (= 1.2.5)
  unicorn
  whenever
  ya2yaml
